PATH
  remote: .
  specs:
    launchy (2.5.2)
      addressable (~> 2.8)

GEM
  remote: https://rubygems.org/
  specs:
    addressable (2.8.1)
      public_suffix (>= 2.0.2, < 6.0)
    docile (1.4.0)
    jar-dependencies (0.4.1)
    minitest (5.15.0)
    psych (4.0.3)
      stringio
    psych (4.0.3-java)
      jar-dependencies (>= 0.1.7)
    public_suffix (5.0.1)
    rake (13.0.1)
    rdoc (6.4.0)
      psych (>= 4.0.0)
    simplecov (0.21.2)
      docile (~> 1.1)
      simplecov-html (~> 0.11)
      simplecov_json_formatter (~> 0.1)
    simplecov-html (0.12.3)
    simplecov_json_formatter (0.1.4)
    stringio (3.0.1)

PLATFORMS
  java
  ruby

DEPENDENCIES
  launchy!
  minitest (~> 5.15)
  rake (~> 13.0)
  rdoc (~> 6.4)
  simplecov (~> 0.21)

BUNDLED WITH
   2.4.6
