PATH
  remote: .
  specs:
    launchy (3.0.0)
      addressable (~> 2.8)
      childprocess (~> 5.0)

GEM
  remote: https://rubygems.org/
  specs:
    addressable (2.8.6)
      public_suffix (>= 2.0.2, < 6.0)
    builder (3.2.4)
    childprocess (5.0.0)
    docile (1.4.0)
    jar-dependencies (0.4.1)
    minitest (5.21.2)
    minitest-junit (1.1.0)
      builder (~> 3.2)
      minitest (~> 5.11)
    psych (5.1.2)
      stringio
    psych (5.1.2-java)
      jar-dependencies (>= 0.1.7)
    public_suffix (5.0.4)
    rake (13.1.0)
    rdoc (6.6.2)
      psych (>= 4.0.0)
    simplecov (0.22.0)
      docile (~> 1.1)
      simplecov-html (~> 0.11)
      simplecov_json_formatter (~> 0.1)
    simplecov-html (0.12.3)
    simplecov_json_formatter (0.1.4)
    stringio (3.1.0)

PLATFORMS
  java
  ruby

DEPENDENCIES
  launchy!
  minitest (~> 5.21)
  minitest-junit (~> 1.0)
  rake (~> 13.0)
  rdoc (~> 6.6)
  simplecov (~> 0.22)

BUNDLED WITH
   2.5.5
